GEM
  remote: https://rubygems.org/
  specs:
    rack (1.6.12)
    rack-protection (1.5.5)
      rack
    rack-test (0.6.0)
      rack (>= 1.0)
    sinatra (1.4.8)
      rack (~> 1.5)
      rack-protection (~> 1.4)
      tilt (>= 1.3, < 3)
    tilt (2.0.10)

PLATFORMS
  ruby

DEPENDENCIES
  rack-test (~> 0.6)
  sinatra (~> 1.4)
